PATH
  remote: .
  specs:
    albathor (0.0.1)
      nokogiri (~> 1.4.4)
      rubyzip (~> 0.9.4)
      thor (~> 0.14.0)

GEM
  remote: http://rubygems.org/
  specs:
    nokogiri (1.4.4.1-x86-mingw32)
    riot (0.12.2)
      rr
    rr (1.0.2)
    rubyzip (0.9.4)
    thor (0.14.6)

PLATFORMS
  x86-mingw32

DEPENDENCIES
  albathor!
  nokogiri (~> 1.4.4)
  riot (~> 0.12.2)
  rubyzip (~> 0.9.4)
  thor (~> 0.14.0)
